GEM
  remote: https://rubygems.org/
  specs:
    minitest (5.10.2)
    rake (12.0.0)

PLATFORMS
  ruby

DEPENDENCIES
  minitest (~> 5.8, >= 5.8.4)
  rake

BUNDLED WITH
   1.13.6
